GEM
  remote: https://rubygems.org/
  specs:
    byebug (8.2.2)
    coderay (1.1.1)
    diff-lcs (1.2.5)
    faker (1.6.1)
      i18n (~> 0.5)
    i18n (0.7.0)
    method_source (0.8.2)
    pry (0.10.3)
      coderay (~> 1.1.0)
      method_source (~> 0.8.1)
      slop (~> 3.4)
    pry-byebug (3.3.0)
      byebug (~> 8.0)
      pry (~> 0.10)
    require_all (1.3.3)
    rspec (3.4.0)
      rspec-core (~> 3.4.0)
      rspec-expectations (~> 3.4.0)
      rspec-mocks (~> 3.4.0)
    rspec-core (3.4.3)
      rspec-support (~> 3.4.0)
    rspec-expectations (3.4.0)
      diff-lcs (>= 1.2.0, < 2.0)
      rspec-support (~> 3.4.0)
    rspec-mocks (3.4.1)
      diff-lcs (>= 1.2.0, < 2.0)
      rspec-support (~> 3.4.0)
    rspec-support (3.4.1)
    slop (3.6.0)
    sqlite3 (1.3.11)

PLATFORMS
  ruby

DEPENDENCIES
  faker
  pry-byebug
  require_all
  rspec
  sqlite3

BUNDLED WITH
   1.10.6
